GEM
  remote: https://rubygems.org/
  specs:
    addressable (2.5.1)
      public_suffix (~> 2.0, >= 2.0.2)
    coderay (1.1.1)
    coolline (0.5.0)
      unicode_utils (~> 1.4)
    domain_name (0.5.20170404)
      unf (>= 0.0.5, < 1.0.0)
    http (2.2.2)
      addressable (~> 2.3)
      http-cookie (~> 1.0)
      http-form_data (~> 1.0.1)
      http_parser.rb (~> 0.6.0)
    http-cookie (1.0.3)
      domain_name (~> 0.5)
    http-form_data (1.0.2)
    http_parser.rb (0.6.0)
    method_source (0.8.2)
    mini_portile2 (2.1.0)
    nokogiri (1.7.2)
      mini_portile2 (~> 2.1.0)
    pry (0.10.4)
      coderay (~> 1.1.0)
      method_source (~> 0.8.1)
      slop (~> 3.4)
    pry-coolline (0.2.5)
      coolline (~> 0.5)
    public_suffix (2.0.5)
    slop (3.6.0)
    unf (0.1.4)
      unf_ext
    unf_ext (0.0.7.4)
    unicode_utils (1.4.0)

PLATFORMS
  ruby

DEPENDENCIES
  http
  nokogiri
  pry
  pry-coolline

BUNDLED WITH
   1.12.5
